GEM
  remote: https://rubygems.org/
  specs:
    lockfile (2.1.3)
    net-ssh (5.2.0)
    open4 (1.3.4)
    rake (10.5.0)
    rake-remote_task (2.4.3)
      open4 (~> 1.0)
      rake (>= 0.8, < 13.0)
    renfield (0.0.2)
      vlad (>= 2.0.0)
    vlad (2.7.0)
      rake (>= 0.8, < 11.0)
      rake-remote_task (~> 2.3)
    vlad-git (2.2.0)
      vlad (>= 2.1.0)

PLATFORMS
  ruby

DEPENDENCIES
  lockfile
  net-ssh
  renfield
  vlad
  vlad-git

BUNDLED WITH
   2.0.1
